GEM
  remote: https://rubygems.org/
  specs:
    rake (11.1.2)

PLATFORMS
  ruby

DEPENDENCIES
  rake

BUNDLED WITH
   1.11.2
